GIT
  remote: git://github.com/zilverline/sequent-sinatra.git
  revision: 82b3073b24cb242921cf8d3ef4777c488da4160c
  specs:
    sequent-sinatra (0.1.1)
      rack_csrf (~> 2.5)
      sequent (~> 0.1)
      sinatra (~> 1.4)

GIT
  remote: git://github.com/zilverline/sequent.git
  revision: 9bb45e709fbd34f44e032b79591124a26919caa8
  specs:
    sequent (0.1.4)
      activemodel (~> 4.0)
      activerecord (~> 4.0)
      oj (~> 2.10)
      pg (~> 0.18)
      thread_safe (~> 0.3.5)

GEM
  remote: https://rubygems.org/
  specs:
    activemodel (4.2.1)
      activesupport (= 4.2.1)
      builder (~> 3.1)
    activerecord (4.2.1)
      activemodel (= 4.2.1)
      activesupport (= 4.2.1)
      arel (~> 6.0)
    activesupport (4.2.1)
      i18n (~> 0.7)
      json (~> 1.7, >= 1.7.7)
      minitest (~> 5.1)
      thread_safe (~> 0.3, >= 0.3.4)
      tzinfo (~> 1.1)
    arel (6.0.0)
    builder (3.2.2)
    i18n (0.7.0)
    json (1.8.2)
    minitest (5.7.0)
    oj (2.12.8)
    parallel (1.4.1)
    pg (0.18.2)
    rack (1.6.1)
    rack-protection (1.5.3)
      rack
    rack_csrf (2.5.0)
      rack (>= 1.1.0)
    rake (10.4.2)
    sinatra (1.4.6)
      rack (~> 1.4)
      rack-protection (~> 1.4)
      tilt (>= 1.3, < 3)
    thread_safe (0.3.5)
    tilt (2.0.1)
    tzinfo (1.2.2)
      thread_safe (~> 0.1)

PLATFORMS
  ruby

DEPENDENCIES
  parallel
  rake
  sequent!
  sequent-sinatra!
  sinatra (~> 1.4.5)
