GIT
  remote: git@github.com:zilverline/sequent.git
  revision: fee1ad72c1b892d0f629dad7aa16069af8550068
  specs:
    sequent (1.0.0)
      activemodel (~> 4.0.10)
      activerecord (~> 4.0.10)
      oj (~> 2.10.3)
      pg (~> 0.18.1)
      rack_csrf (~> 2.5.0)

GEM
  remote: https://rubygems.org/
  specs:
    activemodel (4.0.13)
      activesupport (= 4.0.13)
      builder (~> 3.1.0)
    activerecord (4.0.13)
      activemodel (= 4.0.13)
      activerecord-deprecated_finders (~> 1.0.2)
      activesupport (= 4.0.13)
      arel (~> 4.0.0)
    activerecord-deprecated_finders (1.0.3)
    activesupport (4.0.13)
      i18n (~> 0.6, >= 0.6.9)
      minitest (~> 4.2)
      multi_json (~> 1.3)
      thread_safe (~> 0.1)
      tzinfo (~> 0.3.37)
    arel (4.0.2)
    builder (3.1.4)
    i18n (0.7.0)
    minitest (4.7.5)
    multi_json (1.11.0)
    oj (2.10.4)
    parallel (1.4.1)
    pg (0.18.1)
    rack (1.6.0)
    rack-protection (1.5.3)
      rack
    rack_csrf (2.5.0)
      rack (>= 1.1.0)
    rake (10.4.2)
    sinatra (1.4.5)
      rack (~> 1.4)
      rack-protection (~> 1.4)
      tilt (~> 1.3, >= 1.3.4)
    thread_safe (0.3.5)
    tilt (1.4.1)
    tzinfo (0.3.43)

PLATFORMS
  ruby

DEPENDENCIES
  parallel
  rake
  sequent!
  sinatra (~> 1.4.5)
