PATH
  remote: ../../sequent
  specs:
    sequent (3.4.0)
      activemodel (>= 5.0, <= 6.0)
      activerecord (>= 5.0, <= 6.0)
      bcrypt (~> 3.1)
      oj (~> 3)
      parallel (~> 1.17)
      parser (~> 2.6.5)
      pg (~> 1.1)
      postgresql_cursor (~> 0.6)
      thread_safe (~> 0.3.6)

GEM
  remote: https://rubygems.org/
  specs:
    activemodel (5.2.3)
      activesupport (= 5.2.3)
    activerecord (5.2.3)
      activemodel (= 5.2.3)
      activesupport (= 5.2.3)
      arel (>= 9.0)
    activesupport (5.2.3)
      concurrent-ruby (~> 1.0, >= 1.0.2)
      i18n (>= 0.7, < 2)
      minitest (~> 5.1)
      tzinfo (~> 1.1)
    arel (9.0.0)
    ast (2.4.0)
    backports (3.15.0)
    bcrypt (3.1.13)
    concurrent-ruby (1.1.5)
    database_cleaner (1.7.0)
    diff-lcs (1.3)
    i18n (1.7.0)
      concurrent-ruby (~> 1.0)
    minitest (5.13.0)
    multi_json (1.14.1)
    mustermann (1.0.3)
    oj (3.10.1)
    parallel (1.19.1)
    parser (2.6.5.0)
      ast (~> 2.4.0)
    pg (1.2.2)
    postgresql_cursor (0.6.4)
      activerecord (>= 3.1.0)
    rack (2.1.1)
    rack-protection (2.0.7)
      rack
    rake (13.0.0)
    rspec (3.9.0)
      rspec-core (~> 3.9.0)
      rspec-expectations (~> 3.9.0)
      rspec-mocks (~> 3.9.0)
    rspec-core (3.9.0)
      rspec-support (~> 3.9.0)
    rspec-expectations (3.9.0)
      diff-lcs (>= 1.2.0, < 2.0)
      rspec-support (~> 3.9.0)
    rspec-mocks (3.9.0)
      diff-lcs (>= 1.2.0, < 2.0)
      rspec-support (~> 3.9.0)
    rspec-support (3.9.0)
    sinatra (2.0.7)
      mustermann (~> 1.0)
      rack (~> 2.0)
      rack-protection (= 2.0.7)
      tilt (~> 2.0)
    sinatra-contrib (2.0.7)
      backports (>= 2.8.2)
      multi_json
      mustermann (~> 1.0)
      rack-protection (= 2.0.7)
      sinatra (= 2.0.7)
      tilt (~> 2.0)
    sinatra-flash (0.3.0)
      sinatra (>= 1.0.0)
    thread_safe (0.3.6)
    tilt (2.0.10)
    tzinfo (1.2.5)
      thread_safe (~> 0.1)

PLATFORMS
  ruby

DEPENDENCIES
  activemodel (~> 5.2.1)
  activerecord (~> 5.2.1)
  database_cleaner
  rake
  rspec
  sequent!
  sinatra
  sinatra-contrib
  sinatra-flash

RUBY VERSION
   ruby 2.5.1p57

BUNDLED WITH
   1.17.3
